PATH
  remote: .
  specs:
    rugui (2.0.0)
      activesupport (>= 3.0.0)
      rake (>= 0.9.2.2)
      thor (>= 0.13.3)

GEM
  remote: http://rubygems.org/
  specs:
    activesupport (3.2.2)
      i18n (~> 0.6)
      multi_json (~> 1.0)
    diff-lcs (1.1.3)
    i18n (0.6.0)
    json (1.6.5)
    multi_json (1.1.0)
    rake (0.9.2.2)
    rdoc (3.12)
      json (~> 1.4)
    rspec (2.9.0)
      rspec-core (~> 2.9.0)
      rspec-expectations (~> 2.9.0)
      rspec-mocks (~> 2.9.0)
    rspec-core (2.9.0)
    rspec-expectations (2.9.0)
      diff-lcs (~> 1.1.3)
    rspec-mocks (2.9.0)
    thor (0.14.6)

PLATFORMS
  ruby

DEPENDENCIES
  rdoc
  rspec (>= 2.6.0)
  rugui!
